GEM
  remote: http://rubygems.org/
  specs:
    actionpack (2.3.14)
      activesupport (= 2.3.14)
      rack (~> 1.1.0)
    activesupport (2.3.14)
    addressable (2.2.7)
    builder (3.2.4)
    crack (0.3.1)
    curb (0.8.0)
    em-http-request (0.2.11)
      addressable (>= 2.0.0)
      eventmachine (>= 0.12.9)
    eventmachine (0.12.10)
    faraday (0.7.6)
      addressable (~> 2.2)
      multipart-post (~> 1.1)
      rack (~> 1.1)
    git (1.11.0)
      rchardet (~> 1.8)
    github_api (0.4.10)
      faraday (~> 0.7.6)
      hashie (~> 1.2.0)
      multi_json (~> 1.0)
      oauth2 (~> 0.5.2)
    hashie (1.2.0)
    highline (2.0.3)
    jeweler (2.1.1)
      builder
      bundler (>= 1.0)
      git (>= 1.2.5)
      github_api
      highline (>= 1.6.15)
      nokogiri (>= 1.5.10)
      rake
      rdoc
      semver
    metaclass (0.0.1)
    mime-types (1.18)
    mini_portile2 (2.8.0)
    mocha (0.11.1)
      metaclass (~> 0.0.1)
    multi_json (1.15.0)
    multipart-post (1.2.0)
    nokogiri (1.13.4)
      mini_portile2 (~> 2.8.0)
      racc (~> 1.4)
    oauth2 (0.5.2)
      faraday (~> 0.7)
      multi_json (~> 1.0)
    psych (4.0.3)
      stringio
    racc (1.6.0)
    rack (1.1.3)
    rake (13.0.6)
    rchardet (1.8.0)
    rdoc (6.4.0)
      psych (>= 4.0.0)
    semver (1.0.1)
    stringio (3.0.1)
    typhoeus (0.3.3)
      mime-types
    webmock (1.8.6)
      addressable (>= 2.2.7)
      crack (>= 0.1.7)

PLATFORMS
  ruby

DEPENDENCIES
  actionpack (~> 2.3.8)
  curb (>= 0.6.6.0)
  em-http-request (= 0.2.11)
  jeweler
  mocha (>= 0.9.8)
  rake
  typhoeus (>= 0.1.13)
  webmock

BUNDLED WITH
   2.1.4
