GEM
  remote: https://rubygems.org/
  specs:
    google-search (1.0.3)
      json
    json (1.7.7)
    mini_portile2 (2.6.1)
    nokogiri (1.12.5)
      mini_portile2 (~> 2.6.1)
      racc (~> 1.4)
    racc (1.5.2)

PLATFORMS
  ruby

DEPENDENCIES
  google-search
  nokogiri (>= 1.12.5)

BUNDLED WITH
   2.1.4
