GEM
  remote: https://rubygems.org/
  specs:
    google-search (1.0.3)
      json
    json (1.7.7)
    mini_portile2 (2.8.0)
    nokogiri (1.13.3)
      mini_portile2 (~> 2.8.0)
      racc (~> 1.4)
    racc (1.6.0)

PLATFORMS
  ruby

DEPENDENCIES
  google-search
  nokogiri (>= 1.13.2)

BUNDLED WITH
   2.1.4
